GEM
  remote: https://rubygems.org/
  specs:
    execjs (2.0.1)
    hike (1.2.3)
    multi_json (1.7.9)
    rack (1.5.2)
    rake (10.1.0)
    rubyzip (1.0.0)
    sprockets (2.10.0)
      hike (~> 1.2)
      multi_json (~> 1.0)
      rack (~> 1.0)
      tilt (~> 1.1, != 1.3.0)
    tilt (1.4.1)
    uglifier (2.2.1)
      execjs (>= 0.3.0)
      multi_json (~> 1.0, >= 1.0.2)
    yui-compressor (0.11.0)

PLATFORMS
  ruby

DEPENDENCIES
  rake (~> 10.1.0)
  rubyzip (= 1.0.0)
  sprockets (= 2.10.0)
  uglifier (= 2.2.1)
  yui-compressor (= 0.11.0)
